GIT
  remote: https://github.com/stympy/faker.git
  revision: ebf26149bf63c0d079e01c98e5bc226e33edd437
  specs:
    faker (1.8.0)
      i18n (~> 0.5)

GIT
  remote: https://github.com/turbolinks/turbolinks-classic.git
  revision: 80216ce9d89920bf073709405e3fce6d0a3ccd9a
  specs:
    turbolinks (3.0.0)
      coffee-rails

GEM
  remote: https://rubygems.org/
  specs:
    actioncable (5.1.4)
      actionpack (= 5.1.4)
      nio4r (~> 2.0)
      websocket-driver (~> 0.6.1)
    actionmailer (5.1.4)
      actionpack (= 5.1.4)
      actionview (= 5.1.4)
      activejob (= 5.1.4)
      mail (~> 2.5, >= 2.5.4)
      rails-dom-testing (~> 2.0)
    actionpack (5.1.4)
      actionview (= 5.1.4)
      activesupport (= 5.1.4)
      rack (~> 2.0)
      rack-test (>= 0.6.3)
      rails-dom-testing (~> 2.0)
      rails-html-sanitizer (~> 1.0, >= 1.0.2)
    actionview (5.1.4)
      activesupport (= 5.1.4)
      builder (~> 3.1)
      erubi (~> 1.4)
      rails-dom-testing (~> 2.0)
      rails-html-sanitizer (~> 1.0, >= 1.0.3)
    activejob (5.1.4)
      activesupport (= 5.1.4)
      globalid (>= 0.3.6)
    activemodel (5.1.4)
      activesupport (= 5.1.4)
    activemodel-serializers-xml (1.0.1)
      activemodel (> 5.x)
      activerecord (> 5.x)
      activesupport (> 5.x)
      builder (~> 3.1)
    activerecord (5.1.4)
      activemodel (= 5.1.4)
      activesupport (= 5.1.4)
      arel (~> 8.0)
    activesupport (5.1.4)
      concurrent-ruby (~> 1.0, >= 1.0.2)
      i18n (~> 0.7)
      minitest (~> 5.1)
      tzinfo (~> 1.1)
    addressable (2.5.1)
      public_suffix (~> 2.0, >= 2.0.2)
    airbrussh (1.3.0)
      sshkit (>= 1.6.1, != 1.7.0)
    arel (8.0.0)
    autoprefixer-rails (7.1.2.4)
      execjs
    bcrypt (3.1.11)
    bcrypt (3.1.11-x86-mingw32)
    bindex (0.5.0)
    bootstrap (4.0.0.beta)
      autoprefixer-rails (>= 6.0.3)
      popper_js (~> 1.11.1)
      sass (>= 3.4.19)
    builder (3.2.3)
    byebug (9.1.0)
    capistrano (3.8.0)
      airbrussh (>= 1.0.0)
      i18n
      rake (>= 10.0.0)
      sshkit (>= 1.9.0)
    capistrano-bundler (1.1.4)
      capistrano (~> 3.1)
      sshkit (~> 1.2)
    capistrano-passenger (0.2.0)
      capistrano (~> 3.0)
    capistrano-rails (1.1.8)
      capistrano (~> 3.1)
      capistrano-bundler (~> 1.1)
    capistrano-rbenv (2.1.2)
      capistrano (~> 3.1)
      sshkit (~> 1.3)
    capybara (2.14.0)
      addressable
      mime-types (>= 1.16)
      nokogiri (>= 1.3.3)
      rack (>= 1.0.0)
      rack-test (>= 0.5.4)
      xpath (~> 2.0)
    chartkick (2.2.4)
    coffee-rails (4.2.2)
      coffee-script (>= 2.2.0)
      railties (>= 4.0.0)
    coffee-script (2.4.1)
      coffee-script-source
      execjs
    coffee-script-source (1.12.2)
    commonmarker (0.16.0)
      ruby-enum (~> 0.5)
    concurrent-ruby (1.0.5)
    crack (0.4.3)
      safe_yaml (~> 1.0.0)
    crass (1.0.2)
    devise (4.3.0)
      bcrypt (~> 3.0)
      orm_adapter (~> 0.1)
      railties (>= 4.1.0, < 5.2)
      responders
      warden (~> 1.2.3)
    draper (3.0.0)
      actionpack (~> 5.0)
      activemodel (~> 5.0)
      activemodel-serializers-xml (~> 1.0)
      activesupport (~> 5.0)
      request_store (~> 1.0)
    elasticsearch (5.0.4)
      elasticsearch-api (= 5.0.4)
      elasticsearch-transport (= 5.0.4)
    elasticsearch-api (5.0.4)
      multi_json
    elasticsearch-transport (5.0.4)
      faraday
      multi_json
    erubi (1.6.1)
    execjs (2.7.0)
    faraday (0.12.1)
      multipart-post (>= 1.2, < 3)
    ffi (1.9.18)
    ffi (1.9.18-x86-mingw32)
    font-awesome-rails (4.7.0.2)
      railties (>= 3.2, < 5.2)
    friendly_id (5.1.0)
      activerecord (>= 4.0.0)
    github-markdown (0.6.9)
    globalid (0.4.0)
      activesupport (>= 4.2.0)
    groupdate (3.2.0)
      activesupport (>= 3)
    hashdiff (0.3.4)
    hashie (3.5.5)
    html-pipeline (2.6.0)
      activesupport (>= 2)
      nokogiri (>= 1.4)
    httparty (0.15.5)
      multi_xml (>= 0.5.2)
    i18n (0.8.6)
    jbuilder (2.7.0)
      activesupport (>= 4.2.0)
      multi_json (>= 1.2)
    jquery-rails (4.3.1)
      rails-dom-testing (>= 1, < 3)
      railties (>= 4.2.0)
      thor (>= 0.14, < 2.0)
    jquery-ui-rails (6.0.1)
      railties (>= 3.2.16)
    kaminari (1.0.1)
      activesupport (>= 4.1.0)
      kaminari-actionview (= 1.0.1)
      kaminari-activerecord (= 1.0.1)
      kaminari-core (= 1.0.1)
    kaminari-actionview (1.0.1)
      actionview
      kaminari-core (= 1.0.1)
    kaminari-activerecord (1.0.1)
      activerecord
      kaminari-core (= 1.0.1)
    kaminari-core (1.0.1)
    listen (3.0.8)
      rb-fsevent (~> 0.9, >= 0.9.4)
      rb-inotify (~> 0.9, >= 0.9.7)
    local_time (2.0.0)
    loofah (2.0.3)
      nokogiri (>= 1.5.9)
    mail (2.6.6)
      mime-types (>= 1.16, < 4)
    metaclass (0.0.4)
    method_source (0.8.2)
    mime-types (3.1)
      mime-types-data (~> 3.2015)
    mime-types-data (3.2016.0521)
    mini_portile2 (2.2.0)
    minitest (5.10.3)
    minitest-capybara (0.8.2)
      capybara (~> 2.2)
      minitest (~> 5.0)
      rake
    minitest-metadata (0.6.0)
      minitest (>= 4.7, < 6.0)
    minitest-rails (3.0.0)
      minitest (~> 5.8)
      railties (~> 5.0)
    minitest-rails-capybara (3.0.1)
      capybara (~> 2.7)
      minitest-capybara (~> 0.8)
      minitest-metadata (~> 0.6)
      minitest-rails (~> 3.0)
    mocha (1.3.0)
      metaclass (~> 0.0.1)
    mojang_api (0.0.2)
      httparty
    multi_json (1.12.1)
    multi_xml (0.6.0)
    multipart-post (2.0.0)
    net-scp (1.2.1)
      net-ssh (>= 2.6.5)
    net-ssh (4.2.0)
    nio4r (2.1.0)
    nokogiri (1.8.0)
      mini_portile2 (~> 2.2.0)
    nokogiri (1.8.0-x86-mingw32)
      mini_portile2 (~> 2.2.0)
    nokogumbo (1.4.12)
      nokogiri
    orm_adapter (0.5.0)
    pg (0.20.0)
    pg (0.20.0-x86-mingw32)
    popper_js (1.11.1)
    public_suffix (2.0.5)
    puma (3.9.1)
    pundit (1.1.0)
      activesupport (>= 3.0.0)
    rack (2.0.3)
    rack-test (0.7.0)
      rack (>= 1.0, < 3)
    rails (5.1.4)
      actioncable (= 5.1.4)
      actionmailer (= 5.1.4)
      actionpack (= 5.1.4)
      actionview (= 5.1.4)
      activejob (= 5.1.4)
      activemodel (= 5.1.4)
      activerecord (= 5.1.4)
      activesupport (= 5.1.4)
      bundler (>= 1.3.0)
      railties (= 5.1.4)
      sprockets-rails (>= 2.0.0)
    rails-dom-testing (2.0.3)
      activesupport (>= 4.2.0)
      nokogiri (>= 1.6)
    rails-html-sanitizer (1.0.3)
      loofah (~> 2.0)
    railties (5.1.4)
      actionpack (= 5.1.4)
      activesupport (= 5.1.4)
      method_source
      rake (>= 0.8.7)
      thor (>= 0.18.1, < 2.0)
    rake (12.1.0)
    rb-fsevent (0.9.8)
    rb-inotify (0.9.8)
      ffi (>= 0.5.0)
    record_tag_helper (1.0.0)
      actionview (~> 5.x)
    request_store (1.3.2)
    responders (2.4.0)
      actionpack (>= 4.2.0, < 5.3)
      railties (>= 4.2.0, < 5.3)
    ruby-enum (0.7.1)
      i18n
    safe_yaml (1.0.4)
    sanitize (4.5.0)
      crass (~> 1.0.2)
      nokogiri (>= 1.4.4)
      nokogumbo (~> 1.4.1)
    sass (3.4.24)
    sass-rails (5.0.6)
      railties (>= 4.0.0, < 6)
      sass (~> 3.1)
      sprockets (>= 2.8, < 4.0)
      sprockets-rails (>= 2.0, < 4.0)
      tilt (>= 1.1, < 3)
    searchkick (1.3.6)
      activemodel
      elasticsearch (>= 1)
      hashie
    skylight (1.3.1)
      activesupport (>= 3.0.0)
    slack-notifier (1.5.1)
    spring (2.0.2)
      activesupport (>= 4.2)
    spring-watcher-listen (2.0.1)
      listen (>= 2.7, < 4.0)
      spring (>= 1.2, < 3.0)
    sprockets (3.7.1)
      concurrent-ruby (~> 1.0)
      rack (> 1, < 3)
    sprockets-rails (3.2.1)
      actionpack (>= 4.0)
      activesupport (>= 4.0)
      sprockets (>= 3.0.0)
    sshkit (1.14.0)
      net-scp (>= 1.1.2)
      net-ssh (>= 2.8.0)
    sucker_punch (2.0.4)
      concurrent-ruby (~> 1.0.0)
    thor (0.20.0)
    thread_safe (0.3.6)
    tilt (2.0.7)
    trix (0.10.2)
      rails (> 4.1, < 5.2)
    tzinfo (1.2.3)
      thread_safe (~> 0.1)
    tzinfo-data (1.2017.2)
      tzinfo (>= 1.0.0)
    uglifier (3.2.0)
      execjs (>= 0.3.0, < 3)
    vcr (3.0.3)
    warden (1.2.7)
      rack (>= 1.0)
    web-console (3.5.1)
      actionview (>= 5.0)
      activemodel (>= 5.0)
      bindex (>= 0.4.0)
      railties (>= 5.0)
    webmock (2.3.2)
      addressable (>= 2.3.6)
      crack (>= 0.3.2)
      hashdiff
    websocket-driver (0.6.5)
      websocket-extensions (>= 0.1.0)
    websocket-extensions (0.1.2)
    xpath (2.1.0)
      nokogiri (~> 1.3)

PLATFORMS
  ruby
  x86-mingw32

DEPENDENCIES
  bootstrap (~> 4.0.0.beta)
  byebug
  capistrano (= 3.8.0)
  capistrano-bundler (~> 1.1.4)
  capistrano-passenger (~> 0.2.0)
  capistrano-rails (~> 1.1.2)
  capistrano-rbenv (~> 2.1)
  chartkick (~> 2.2.4)
  coffee-rails (~> 4.2.1)
  commonmarker
  devise (~> 4.3)
  draper (~> 3.0.0)
  faker!
  font-awesome-rails
  friendly_id (~> 5.1.0)
  github-markdown
  groupdate
  html-pipeline
  jbuilder (~> 2.7)
  jquery-rails
  jquery-ui-rails
  kaminari (~> 1.0)
  listen (~> 3.0.5)
  local_time (~> 2.0)
  minitest-rails (~> 3.0)
  minitest-rails-capybara
  mocha (~> 1.3)
  mojang_api (~> 0.0.2)
  pg
  puma (~> 3.8)
  pundit (~> 1.1.0)
  rails (~> 5.1.4)
  record_tag_helper (~> 1.0)
  sanitize
  sass-rails (~> 5.0)
  searchkick (~> 1.3.6)
  skylight
  slack-notifier (~> 1.5.1)
  spring
  spring-watcher-listen (~> 2.0.0)
  sucker_punch (~> 2.0)
  trix
  turbolinks!
  tzinfo-data
  uglifier (>= 1.3.0)
  vcr (~> 3.0)
  web-console (~> 3.0)
  webmock (~> 2.1)

BUNDLED WITH
   1.15.4
